GEM
  remote: https://rubygems.org/
  specs:
  	sinatra (1.4.6)

PLATFORMS
  ruby